GEM
  remote: https://rubygems.org/
  specs:
    RubyInline (3.12.4)
      ZenTest (~> 4.3)
    ZenTest (4.11.0)
    activesupport (4.2.2)
      i18n (~> 0.7)
      json (~> 1.7, >= 1.7.7)
      minitest (~> 5.1)
      thread_safe (~> 0.3, >= 0.3.4)
      tzinfo (~> 1.1)
    claide (0.8.1)
    cocoapods (0.37.2)
      activesupport (>= 3.2.15)
      claide (~> 0.8.1)
      cocoapods-core (= 0.37.2)
      cocoapods-downloader (~> 0.9.0)
      cocoapods-plugins (~> 0.4.2)
      cocoapods-trunk (~> 0.6.1)
      cocoapods-try (~> 0.4.5)
      colored (~> 1.2)
      escape (~> 0.0.4)
      molinillo (~> 0.2.3)
      nap (~> 0.8)
      xcodeproj (~> 0.24.2)
    cocoapods-core (0.37.2)
      activesupport (>= 3.2.15)
      fuzzy_match (~> 2.0.4)
      nap (~> 0.8.0)
    cocoapods-downloader (0.9.0)
    cocoapods-keys (1.3.2)
      osx_keychain
    cocoapods-plugins (0.4.2)
      nap
    cocoapods-trunk (0.6.1)
      nap (>= 0.8)
      netrc (= 0.7.8)
    cocoapods-try (0.4.5)
    colored (1.2)
    escape (0.0.4)
    fuzzy_match (2.0.4)
    i18n (0.7.0)
    json (1.8.3)
    minitest (5.7.0)
    molinillo (0.2.3)
    nap (0.8.0)
    netrc (0.7.8)
    osx_keychain (1.0.1)
      RubyInline (~> 3)
    thread_safe (0.3.5)
    tzinfo (1.2.2)
      thread_safe (~> 0.1)
    xcodeproj (0.24.2)
      activesupport (>= 3)
      colored (~> 1.2)
    xcpretty (0.1.7)

PLATFORMS
  ruby

DEPENDENCIES
  cocoapods
  cocoapods-keys
  xcpretty

BUNDLED WITH
   1.10.3
